GEM
  remote: https://rubygems.org/
  specs:
    elo (0.1.0)
    mini_portile2 (2.8.1)
    nokogiri (1.14.3)
      mini_portile2 (~> 2.8.0)
      racc (~> 1.4)
    racc (1.6.2)
    thor (0.20.3)

PLATFORMS
  ruby

DEPENDENCIES
  elo
  nokogiri
  thor

BUNDLED WITH
   1.17.3
