GEM
  remote: https://rubygems.org/
  specs:
    elo (0.1.0)
    mini_portile2 (2.4.0)
    nokogiri (1.10.8)
      mini_portile2 (~> 2.4.0)
    thor (0.20.3)

PLATFORMS
  ruby

DEPENDENCIES
  elo
  nokogiri
  thor

BUNDLED WITH
   1.17.3
